GIT
  remote: https://github.com/fdwills/hookspec
  revision: de7aeb27a97a4f7c2c54ab3e2c329ed7aa0b8f6c
  specs:
    hookspec (0.0.2)
      rspec (>= 2.13.0)

GEM
  remote: https://rubygems.org/
  specs:
    diff-lcs (1.2.5)
    rspec (2.14.1)
      rspec-core (~> 2.14.0)
      rspec-expectations (~> 2.14.0)
      rspec-mocks (~> 2.14.0)
    rspec-core (2.14.8)
    rspec-expectations (2.14.5)
      diff-lcs (>= 1.1.3, < 2.0)
    rspec-mocks (2.14.6)

PLATFORMS
  ruby

DEPENDENCIES
  hookspec!
