GEM
  remote: https://rubygems.org/
  specs:
    rdiscount (2.1.7)
    redcarpet (3.1.1)

PLATFORMS
  ruby

DEPENDENCIES
  rdiscount
  redcarpet
